GEM
  remote: https://rubygems.org/
  specs:
    blankslate (2.1.2.4)
    minitest (4.7.0)
    parslet (1.5.0)
      blankslate (~> 2.0)
    rake (0.9.6)

PLATFORMS
  ruby

DEPENDENCIES
  minitest
  parslet
  rake
